PATH
  remote: .
  specs:
    ruby-lsp-rails (0.1.0)
      actionpack (>= 6.0)
      activerecord (>= 6.0)
      railties (>= 6.0)
      ruby-lsp (~> 0.4.5)
      sorbet-runtime (>= 0.5.9897)

GEM
  remote: https://rubygems.org/
  specs:
    actionpack (7.0.4.3)
      actionview (= 7.0.4.3)
      activesupport (= 7.0.4.3)
      rack (~> 2.0, >= 2.2.0)
      rack-test (>= 0.6.3)
      rails-dom-testing (~> 2.0)
      rails-html-sanitizer (~> 1.0, >= 1.2.0)
    actionview (7.0.4.3)
      activesupport (= 7.0.4.3)
      builder (~> 3.1)
      erubi (~> 1.4)
      rails-dom-testing (~> 2.0)
      rails-html-sanitizer (~> 1.1, >= 1.2.0)
    activemodel (7.0.4.3)
      activesupport (= 7.0.4.3)
    activerecord (7.0.4.3)
      activemodel (= 7.0.4.3)
      activesupport (= 7.0.4.3)
    activesupport (7.0.4.3)
      concurrent-ruby (~> 1.0, >= 1.0.2)
      i18n (>= 1.6, < 2)
      minitest (>= 5.1)
      tzinfo (~> 2.0)
    ast (2.4.2)
    builder (3.2.4)
    concurrent-ruby (1.2.2)
    crass (1.0.6)
    debug (1.7.2)
      irb (>= 1.5.0)
      reline (>= 0.3.1)
    diff-lcs (1.5.0)
    erubi (1.12.0)
    i18n (1.12.0)
      concurrent-ruby (~> 1.0)
    io-console (0.6.0)
    irb (1.6.3)
      reline (>= 0.3.0)
    json (2.6.3)
    language_server-protocol (3.17.0.3)
    loofah (2.20.0)
      crass (~> 1.0.2)
      nokogiri (>= 1.5.9)
    method_source (1.0.0)
    minitest (5.18.0)
    mocha (2.0.2)
      ruby2_keywords (>= 0.0.5)
    netrc (0.11.0)
    nio4r (2.5.9)
    nokogiri (1.14.3-arm64-darwin)
      racc (~> 1.4)
    nokogiri (1.14.3-x86_64-linux)
      racc (~> 1.4)
    parallel (1.22.1)
    parser (3.2.2.0)
      ast (~> 2.4.1)
    prettier_print (1.2.1)
    puma (6.2.2)
      nio4r (~> 2.0)
    racc (1.6.2)
    rack (2.2.6.4)
    rack-test (2.1.0)
      rack (>= 1.3)
    rails-dom-testing (2.0.3)
      activesupport (>= 4.2.0)
      nokogiri (>= 1.6)
    rails-html-sanitizer (1.5.0)
      loofah (~> 2.19, >= 2.19.1)
    railties (7.0.4.3)
      actionpack (= 7.0.4.3)
      activesupport (= 7.0.4.3)
      method_source
      rake (>= 12.2)
      thor (~> 1.0)
      zeitwerk (~> 2.5)
    rainbow (3.1.1)
    rake (13.0.6)
    rbi (0.0.16)
      ast
      parser (>= 2.6.4.0)
      sorbet-runtime (>= 0.5.9204)
      unparser
    regexp_parser (2.8.0)
    reline (0.3.3)
      io-console (~> 0.5)
    rexml (3.2.5)
    rubocop (1.50.2)
      json (~> 2.3)
      parallel (~> 1.10)
      parser (>= 3.2.0.0)
      rainbow (>= 2.2.2, < 4.0)
      regexp_parser (>= 1.8, < 3.0)
      rexml (>= 3.2.5, < 4.0)
      rubocop-ast (>= 1.28.0, < 2.0)
      ruby-progressbar (~> 1.7)
      unicode-display_width (>= 2.4.0, < 3.0)
    rubocop-ast (1.28.0)
      parser (>= 3.2.1.0)
    rubocop-minitest (0.30.0)
      rubocop (>= 1.39, < 2.0)
    rubocop-rake (0.6.0)
      rubocop (~> 1.0)
    rubocop-shopify (2.13.0)
      rubocop (~> 1.50)
    rubocop-sorbet (0.7.0)
      rubocop (>= 0.90.0)
    ruby-lsp (0.4.5)
      language_server-protocol (~> 3.17.0)
      sorbet-runtime
      syntax_tree (>= 6.1.1, < 7)
    ruby-progressbar (1.13.0)
    ruby2_keywords (0.0.5)
    sorbet (0.5.10793)
      sorbet-static (= 0.5.10793)
    sorbet-runtime (0.5.10793)
    sorbet-static (0.5.10793-universal-darwin-21)
    sorbet-static (0.5.10793-universal-darwin-22)
    sorbet-static (0.5.10793-x86_64-linux)
    sorbet-static-and-runtime (0.5.10793)
      sorbet (= 0.5.10793)
      sorbet-runtime (= 0.5.10793)
    spoom (1.2.1)
      sorbet (>= 0.5.10187)
      sorbet-runtime (>= 0.5.9204)
      thor (>= 0.19.2)
    sqlite3 (1.6.2-arm64-darwin)
    sqlite3 (1.6.2-x86_64-linux)
    syntax_tree (6.1.1)
      prettier_print (>= 1.2.0)
    tapioca (0.11.5)
      bundler (>= 2.2.25)
      netrc (>= 0.11.0)
      parallel (>= 1.21.0)
      rbi (~> 0.0.0, >= 0.0.16)
      sorbet-static-and-runtime (>= 0.5.10187)
      spoom (~> 1.2.0, >= 1.2.0)
      thor (>= 1.2.0)
      yard-sorbet
    thor (1.2.1)
    tzinfo (2.0.6)
      concurrent-ruby (~> 1.0)
    unicode-display_width (2.4.2)
    unparser (0.6.7)
      diff-lcs (~> 1.3)
      parser (>= 3.2.0)
    yard (0.9.34)
    yard-sorbet (0.8.1)
      sorbet-runtime (>= 0.5)
      yard (>= 0.9)
    zeitwerk (2.6.8)

PLATFORMS
  arm64-darwin-21
  arm64-darwin-22
  x86_64-linux

DEPENDENCIES
  debug (>= 1.7.0)
  mocha
  puma
  rubocop (~> 1.48)
  rubocop-minitest (~> 0.30.0)
  rubocop-rake (~> 0.6.0)
  rubocop-shopify (~> 2.13)
  rubocop-sorbet (~> 0.7)
  ruby-lsp-rails!
  sorbet-static-and-runtime
  sqlite3
  tapioca (~> 0.11)

BUNDLED WITH
   2.4.10
